GEM
  remote: https://rubygems.org/
  specs:
    addressable (2.5.0)
      public_suffix (~> 2.0, >= 2.0.2)
    builder (3.2.3)
    coderay (1.1.1)
    colorize (0.8.1)
    descendants_tracker (0.0.4)
      thread_safe (~> 0.3, >= 0.3.1)
    diff-lcs (1.3)
    docile (1.1.5)
    faraday (0.9.2)
      multipart-post (>= 1.2, < 3)
    git (1.3.0)
    github_api (0.11.3)
      addressable (~> 2.3)
      descendants_tracker (~> 0.0.1)
      faraday (~> 0.8, < 0.10)
      hashie (>= 1.2)
      multi_json (>= 1.7.5, < 2.0)
      nokogiri (~> 1.6.0)
      oauth2
    hashie (3.5.4)
    highline (1.7.8)
    jenkins_api_client (1.5.3)
      json (>= 1.0)
      mixlib-shellout (>= 1.1.0)
      nokogiri (~> 1.6)
      socksify (>= 1.7.0)
      terminal-table (>= 1.4.0)
      thor (>= 0.16.0)
    jeweler (2.3.3)
      builder
      bundler (>= 1.0)
      git (>= 1.2.5)
      github_api (~> 0.11.0)
      highline (>= 1.6.15)
      nokogiri (>= 1.5.10)
      psych (~> 2.2)
      rake
      rdoc
      semver2
    json (2.1.0)
    jwt (1.5.6)
    method_source (0.8.2)
    mini_portile2 (2.1.0)
    mixlib-shellout (2.4.0)
    multi_json (1.12.1)
    multi_xml (0.6.0)
    multipart-post (2.0.0)
    nokogiri (1.6.8.1)
      mini_portile2 (~> 2.1.0)
    oauth2 (1.3.0)
      faraday (>= 0.8, < 0.11)
      jwt (~> 1.0)
      multi_json (~> 1.3)
      multi_xml (~> 0.5)
      rack (>= 1.2, < 3)
    pry (0.10.4)
      coderay (~> 1.1.0)
      method_source (~> 0.8.1)
      slop (~> 3.4)
    psych (2.2.3)
    public_suffix (2.0.5)
    rack (2.0.1)
    rake (12.0.0)
    rdoc (5.0.0)
    rspec (2.14.1)
      rspec-core (~> 2.14.0)
      rspec-expectations (~> 2.14.0)
      rspec-mocks (~> 2.14.0)
    rspec-core (2.14.8)
    rspec-expectations (2.14.5)
      diff-lcs (>= 1.1.3, < 2.0)
    rspec-mocks (2.14.6)
    semver2 (3.4.2)
    simplecov (0.13.0)
      docile (~> 1.1.0)
      json (>= 1.8, < 3)
      simplecov-html (~> 0.10.0)
    simplecov-html (0.10.0)
    slop (3.6.0)
    socksify (1.7.1)
    terminal-table (1.8.0)
      unicode-display_width (~> 1.1, >= 1.1.1)
    thor (0.20.0)
    thread_safe (0.3.6)
    unicode-display_width (1.4.0)
    yard (0.9.16)
    yard-thor (0.0.1)
      thor
      yard

PLATFORMS
  ruby

DEPENDENCIES
  bundler (> 1.17)
  colorize
  faraday (>= 0.9.1)
  jenkins_api_client
  jeweler (>= 1.6.4)
  json
  mixlib-shellout (>= 1.1.0)
  pry
  rspec (~> 2.14.1)
  simplecov
  terminal-table (>= 1.4.0)
  thor (>= 0.16.0)
  yard
  yard-thor

BUNDLED WITH
   1.17.1
